GEM
  remote: http://rubygems.org/
  specs:
    diff-lcs (1.1.3)
    em-hiredis (0.1.0)
      hiredis (~> 0.3.0)
    eventmachine (1.0.0.beta.4)
    ffi (1.0.11)
    guard (1.0.0)
      ffi (>= 0.5.0)
      thor (~> 0.14.6)
    guard-rspec (0.6.0)
      guard (>= 0.10.0)
    hiredis (0.3.2)
    rspec (2.8.0)
      rspec-core (~> 2.8.0)
      rspec-expectations (~> 2.8.0)
      rspec-mocks (~> 2.8.0)
    rspec-core (2.8.0)
    rspec-expectations (2.8.0)
      diff-lcs (~> 1.1.2)
    rspec-mocks (2.8.0)
    thor (0.14.6)

PLATFORMS
  ruby

DEPENDENCIES
  em-hiredis
  eventmachine (= 1.0.0.beta.4)
  guard-rspec
  rspec (~> 2.8.0)
